GEM
  remote: https://rubygems.org/
  specs:
    daemons (1.2.4)
    eventmachine (1.2.1)
    rack (1.6.5)
    rack-protection (1.5.3)
      rack
    sinatra (1.4.7)
      rack (~> 1.5)
      rack-protection (~> 1.4)
      tilt (>= 1.3, < 3)
    thin (1.7.0)
      daemons (~> 1.0, >= 1.0.9)
      eventmachine (~> 1.0, >= 1.0.4)
      rack (>= 1, < 3)
    tilt (2.0.5)

PLATFORMS
  ruby

DEPENDENCIES
  eventmachine (= 1.2.1)
  rack
  sinatra (= 1.4.7)
  thin (= 1.7.0)

BUNDLED WITH
   1.13.7
